GEM
  remote: http://rubygems.org/
  specs:
    chunky_png (1.2.5)
    closure-compiler (1.1.6)
    coffee-script (2.2.0)
      coffee-script-source
      execjs
    coffee-script-source (1.3.3)
    compass (0.12.2)
      chunky_png (~> 1.2)
      fssm (>= 0.2.7)
      sass (~> 3.1)
    execjs (1.4.0)
      multi_json (~> 1.0)
    fssm (0.2.9)
    multi_json (1.3.6)
    sass (3.1.20)

PLATFORMS
  ruby

DEPENDENCIES
  closure-compiler
  coffee-script
  compass
